PATH
  remote: .
  specs:
    auditing (1.4.0)
      activerecord (~> 3.1)
      activesupport (~> 3.1)

GEM
  remote: http://rubygems.org/
  specs:
    activemodel (3.1.3)
      activesupport (= 3.1.3)
      builder (~> 3.0.0)
      i18n (~> 0.6)
    activerecord (3.1.3)
      activemodel (= 3.1.3)
      activesupport (= 3.1.3)
      arel (~> 2.2.1)
      tzinfo (~> 0.3.29)
    activesupport (3.1.3)
      multi_json (~> 1.0)
    arel (2.2.1)
    builder (3.0.0)
    diff-lcs (1.1.3)
    i18n (0.6.0)
    multi_json (1.0.4)
    rake (0.8.7)
    rspec (2.4.0)
      rspec-core (~> 2.4.0)
      rspec-expectations (~> 2.4.0)
      rspec-mocks (~> 2.4.0)
    rspec-core (2.4.0)
    rspec-expectations (2.4.0)
      diff-lcs (~> 1.1.2)
    rspec-mocks (2.4.0)
    sqlite3 (1.3.5)
    sqlite3-ruby (1.3.3)
      sqlite3 (>= 1.3.3)
    timecop (0.3.5)
    tzinfo (0.3.31)

PLATFORMS
  ruby

DEPENDENCIES
  auditing!
  rake (~> 0.8.7)
  rspec (~> 2.4.0)
  sqlite3-ruby
  timecop
